GEM
  remote: http://rubygems.org/
  specs:
    actionmailer (2.3.5)
      actionpack (= 2.3.5)
    actionpack (2.3.5)
      activesupport (= 2.3.5)
      rack (~> 1.0.0)
    activerecord (2.3.5)
      activesupport (= 2.3.5)
    activeresource (2.3.5)
      activesupport (= 2.3.5)
    activesupport (2.3.5)
    acts_as_singleton (0.0.5)
      activerecord
    builder (2.1.2)
    bullet (1.7.6)
    cucumber (0.9.0)
      builder (~> 2.1.2)
      diff-lcs (~> 1.1.2)
      gherkin (~> 2.2.2)
      json (~> 1.4.6)
      term-ansicolor (~> 1.0.5)
    cucumber-rails (0.3.2)
      cucumber (>= 0.8.0)
    database_cleaner (0.5.2)
    diff-lcs (1.1.2)
    factory_girl (1.2.4)
    gherkin (2.2.4)
      json (~> 1.4.6)
      term-ansicolor (~> 1.0.5)
      trollop (~> 1.16.2)
    jrails (0.6.0)
    json (1.4.6)
    mysql (2.8.1)
    nbudin-version_fu (1.0.0)
    nokogiri (1.4.3.1)
    rack (1.0.1)
    rack-test (0.5.6)
      rack (>= 1.0)
    radius (0.6.1)
    rails (2.3.5)
      actionmailer (= 2.3.5)
      actionpack (= 2.3.5)
      activerecord (= 2.3.5)
      activeresource (= 2.3.5)
      activesupport (= 2.3.5)
      rake (>= 0.8.3)
    rake (0.8.7)
    ruby-graphviz (0.9.17)
    ruby-openid (2.1.8)
    rubyzip (0.9.4)
    sanitize (1.2.1)
      nokogiri (~> 1.4.1)
    shoulda (2.11.3)
    term-ansicolor (1.0.5)
    trollop (1.16.2)
    webrat (0.7.1)
      nokogiri (>= 1.2.0)
      rack (>= 1.0)
      rack-test (>= 0.5.3)

PLATFORMS
  ruby

DEPENDENCIES
  acts_as_singleton
  bullet
  cucumber
  cucumber-rails
  database_cleaner
  factory_girl (~> 1.2.3)
  jrails
  mysql
  nbudin-version_fu
  nokogiri (>= 1.4.1)
  radius
  rails (= 2.3.5)
  ruby-graphviz (>= 0.9.2)
  ruby-openid (~> 2.1.4)
  rubyzip
  sanitize
  shoulda
  webrat
