GIT
  remote: http://github.com/nbudin/castronaut.git
  revision: 63dd854c8da38c1625a631e47bb3e37dd9b8f174
  branch: dam5s-merge
  specs:
    castronaut (0.7.5)
      activerecord (>= 2.0)
      activesupport (>= 2.0)
      builder (>= 2.0.0)
      crypt-isaac (~> 0.9)
      json (~> 1.5.1)
      mysql2
      ruby-net-ldap
      sinatra (>= 1.0)
      sqlite3 (~> 1.3.1)

GEM
  remote: http://rubygems.org/
  specs:
    actionmailer (2.3.14)
      actionpack (= 2.3.14)
    actionpack (2.3.14)
      activesupport (= 2.3.14)
      rack (~> 1.1.0)
    activerecord (2.3.14)
      activesupport (= 2.3.14)
    activerecord-jdbc-adapter (1.0.3-java)
    activeresource (2.3.14)
      activesupport (= 2.3.14)
    activesupport (2.3.14)
    acts_as_singleton (0.0.5)
      activerecord
    ae_users_migrator (1.0.4)
      activerecord (>= 2.3)
    builder (3.0.0)
    cancan (1.3.3)
    capybara (0.4.1.2)
      celerity (>= 0.7.9)
      culerity (>= 0.2.4)
      mime-types (>= 1.16)
      nokogiri (>= 1.3.3)
      rack (>= 1.0.0)
      rack-test (>= 0.5.4)
      selenium-webdriver (>= 0.0.27)
      xpath (~> 0.1.3)
    celerity (0.8.8)
    childprocess (0.1.7)
      ffi (~> 0.6.3)
    configuration (1.2.0)
    crypt-isaac (0.9.1)
    cucumber (1.0.2)
      builder (>= 2.1.2)
      diff-lcs (>= 1.1.2)
      gherkin (~> 2.4.5)
      json (>= 1.4.6)
      term-ansicolor (>= 1.0.5)
    cucumber-rails (0.3.2)
      cucumber (>= 0.8.0)
    culerity (0.2.15)
    daemons (1.1.0)
    database_cleaner (0.5.2)
    devise (1.0.8)
      warden (~> 0.10.3)
    devise_cas_authenticatable (1.0.0.alpha8)
      devise (>= 1.0.6)
      devise
      devise_cas_authenticatable
      rubycas-client (>= 2.2.1)
    diff-lcs (1.1.2)
    eventmachine (0.12.10)
    eventmachine (0.12.10-java)
    factory_girl (1.2.4)
    ffi (0.6.3)
      rake (>= 0.8.7)
    ffi (0.6.3-java)
    gherkin (2.4.11)
      json (>= 1.4.6)
    gherkin (2.4.11-java)
      json (>= 1.4.6)
    heroku_external_db (1.0.0)
    hoptoad_notifier (2.4.8)
      activesupport
      builder
    illyan_client (1.0.2)
      activeresource
    jrails (0.6.0)
    json (1.5.1)
    json (1.5.1-java)
    json_pure (1.5.3)
    launchy (0.3.7)
      configuration (>= 0.0.5)
      rake (>= 0.8.1)
    mime-types (1.16)
    mysql (2.8.1)
    mysql2 (0.3.2)
    nbudin-version_fu (1.0.0)
    newrelic_rpm (2.13.4)
    nokogiri (1.4.4)
    nokogiri (1.4.4-java)
      weakling (>= 0.0.3)
    rack (1.1.2)
    rack-test (0.5.4)
    radius (0.6.1)
    rails (2.3.14)
      actionmailer (= 2.3.14)
      actionpack (= 2.3.14)
      activerecord (= 2.3.14)
      activeresource (= 2.3.14)
      activesupport (= 2.3.14)
      rake (>= 0.8.3)
    rake (0.9.2)
    ruby-graphviz (0.9.17)
    ruby-net-ldap (0.0.4)
    ruby-openid (2.1.8)
    rubycas-client (2.2.1)
      activesupport
    rubyzip (0.9.4)
    sanitize (1.2.1)
      nokogiri (~> 1.4.1)
    selenium-webdriver (0.1.3)
      childprocess (~> 0.1.5)
      ffi (~> 0.6.3)
      json_pure
      rubyzip
    sham_rack (1.3.3)
      rack
    shoulda (2.11.3)
    sinatra (1.0)
      rack (>= 1.0)
    sqlite3 (1.3.3)
    term-ansicolor (1.0.6)
    thin (1.2.11)
      daemons (>= 1.0.9)
      eventmachine (>= 0.12.6)
      rack (>= 1.0.0)
    warden (0.10.7)
      rack (>= 1.0.0)
    weakling (0.0.4-java)
    xpath (0.1.3)
      nokogiri (~> 1.3)

PLATFORMS
  java
  ruby

DEPENDENCIES
  activerecord-jdbc-adapter
  acts_as_singleton
  ae_users_migrator (>= 1.0.4)
  cancan
  capybara
  castronaut!
  cucumber
  cucumber-rails
  database_cleaner
  devise (~> 1.0.8)
  devise_cas_authenticatable (>= 1.0.0.alpha8)
  factory_girl (~> 1.2.3)
  heroku_external_db
  hoptoad_notifier
  illyan_client (>= 1.0.2)
  jrails
  json
  launchy
  mysql
  nbudin-version_fu
  newrelic_rpm
  nokogiri (>= 1.4.1)
  radius
  rails (= 2.3.14)
  ruby-graphviz (>= 0.9.2)
  ruby-openid (~> 2.1.4)
  rubyzip
  sanitize
  sham_rack
  shoulda
  thin
