GIT
  remote: http://github.com/nbudin/castronaut.git
  revision: 884590248e531bdfb3e52d9695c6d5ca6371c484
  branch: dam5s-merge
  specs:
    castronaut (0.7.5)
      activerecord (>= 2.0)
      activesupport (>= 2.0)
      builder (>= 2.0.0)
      crypt-isaac (~> 0.9)
      json (~> 1.5.1)
      mysql2
      ruby-net-ldap
      sinatra (>= 1.0)
      sqlite3 (~> 1.3.1)

GEM
  remote: http://rubygems.org/
  specs:
    actionmailer (3.1.0.rc1)
      actionpack (= 3.1.0.rc1)
      mail (~> 2.3.0)
    actionpack (3.1.0.rc1)
      activemodel (= 3.1.0.rc1)
      activesupport (= 3.1.0.rc1)
      builder (~> 3.0.0)
      erubis (~> 2.7.0)
      i18n (~> 0.6.0beta1)
      rack (~> 1.3.0.beta2)
      rack-cache (~> 1.0.1)
      rack-mount (~> 0.8.1)
      rack-test (~> 0.6.0)
      sprockets (~> 2.0.0.beta.5)
      tzinfo (~> 0.3.27)
    activemodel (3.1.0.rc1)
      activesupport (= 3.1.0.rc1)
      bcrypt-ruby (~> 2.1.4)
      builder (~> 3.0.0)
      i18n (~> 0.6.0beta1)
    activerecord (3.1.0.rc1)
      activemodel (= 3.1.0.rc1)
      activesupport (= 3.1.0.rc1)
      arel (~> 2.1.1)
      tzinfo (~> 0.3.27)
    activerecord-jdbc-adapter (1.1.1)
    activeresource (3.1.0.rc1)
      activemodel (= 3.1.0.rc1)
      activesupport (= 3.1.0.rc1)
    activesupport (3.1.0.rc1)
      multi_json (~> 1.0)
    ae_users_migrator (1.0.5)
      activerecord (>= 2.3)
    arel (2.1.1)
    bcrypt-ruby (2.1.4)
    bcrypt-ruby (2.1.4-java)
    builder (3.0.0)
    cancan (1.6.5)
    capybara (1.0.0.beta1)
      mime-types (>= 1.16)
      nokogiri (>= 1.3.3)
      rack (>= 1.0.0)
      rack-test (>= 0.5.4)
      selenium-webdriver (>= 0.0.27)
      xpath (~> 0.1.4)
    childprocess (0.1.9)
      ffi (~> 1.0.6)
    coffee-script (2.2.0)
      coffee-script-source
      execjs
    coffee-script-source (1.1.1)
    configuration (1.2.0)
    crypt-isaac (0.9.1)
    cucumber (0.10.3)
      builder (>= 2.1.2)
      diff-lcs (>= 1.1.2)
      gherkin (>= 2.3.8)
      json (>= 1.4.6)
      term-ansicolor (>= 1.0.5)
    cucumber-rails (0.5.0)
      capybara (>= 1.0.0.beta1)
      cucumber (>= 0.10.2)
      nokogiri (>= 1.4.4)
      rack-test (>= 0.5.7)
    daemons (1.1.3)
    database_cleaner (0.6.7)
    devise (1.3.4)
      bcrypt-ruby (~> 2.1.2)
      orm_adapter (~> 0.0.3)
      warden (~> 1.0.3)
    devise_cas_authenticatable (1.0.0.alpha8)
      devise
      devise (>= 1.0.6)
      devise_cas_authenticatable
      rubycas-client (>= 2.2.1)
    diff-lcs (1.1.2)
    erubis (2.7.0)
    eventmachine (0.12.10)
    eventmachine (0.12.10-java)
    execjs (1.0.0)
      multi_json (~> 1.0)
    factory_girl (1.3.3)
    factory_girl_rails (1.0.1)
      factory_girl (~> 1.3)
      railties (>= 3.0.0)
    ffi (1.0.9)
    ffi (1.0.9-java)
    gherkin (2.3.9)
      json (>= 1.4.6)
    gherkin (2.3.9-java)
      json (>= 1.4.6)
    heroku_external_db (1.0.0)
    hike (1.0.0)
    hoptoad_notifier (2.4.10)
      activesupport
      builder
    i18n (0.6.0)
    illyan_client (1.0.2)
      activeresource
    jquery-rails (1.0.7)
      railties (~> 3.0)
      thor (~> 0.14)
    json (1.5.1)
    json (1.5.1-java)
    json_pure (1.5.1)
    launchy (0.4.0)
      configuration (>= 0.0.5)
      rake (>= 0.8.1)
    mail (2.3.0)
      i18n (>= 0.4.0)
      mime-types (~> 1.16)
      treetop (~> 1.4.8)
    mime-types (1.16)
    multi_json (1.0.3)
    mysql (2.8.1)
    mysql2 (0.3.2)
    nokogiri (1.4.4)
    nokogiri (1.4.4-java)
      weakling (>= 0.0.3)
    orm_adapter (0.0.5)
    polyglot (0.3.1)
    rack (1.3.0)
    rack-cache (1.0.2)
      rack (>= 0.4)
    rack-mount (0.8.1)
      rack (>= 1.0.0)
    rack-ssl (1.3.2)
      rack
    rack-test (0.6.0)
      rack (>= 1.0)
    radius (0.6.1)
    rails (3.1.0.rc1)
      actionmailer (= 3.1.0.rc1)
      actionpack (= 3.1.0.rc1)
      activerecord (= 3.1.0.rc1)
      activeresource (= 3.1.0.rc1)
      activesupport (= 3.1.0.rc1)
      bundler (~> 1.0)
      railties (= 3.1.0.rc1)
    railties (3.1.0.rc1)
      actionpack (= 3.1.0.rc1)
      activesupport (= 3.1.0.rc1)
      rack-ssl (~> 1.3.2)
      rake (>= 0.8.7)
      thor (~> 0.14.6)
    rake (0.8.7)
    ruby-graphviz (1.0.0)
    ruby-net-ldap (0.0.4)
    rubycas-client (2.2.1)
      activesupport
    rubyzip (0.9.4)
    sanitize (2.0.2)
      nokogiri (~> 1.4.4)
    sass (3.1.1)
    selenium-webdriver (0.2.0)
      childprocess (>= 0.1.7)
      ffi (>= 1.0.7)
      json_pure
      rubyzip
    sham_rack (1.3.3)
      rack
    shoulda (2.11.3)
    sinatra (1.2.6)
      rack (~> 1.1)
      tilt (>= 1.2.2, < 2.0)
    sprockets (2.0.0.beta.8)
      hike (~> 1.0)
      rack (~> 1.0)
      tilt (~> 1.1, != 1.3.0)
    sqlite3 (1.3.3)
    term-ansicolor (1.0.5)
    thin (1.2.11)
      daemons (>= 1.0.9)
      eventmachine (>= 0.12.6)
      rack (>= 1.0.0)
    thor (0.14.6)
    tilt (1.3.1)
    treetop (1.4.9)
      polyglot (>= 0.3.1)
    tzinfo (0.3.27)
    uglifier (0.5.4)
      execjs (>= 0.3.0)
      multi_json (>= 1.0.2)
    version_fu (1.0.1)
    warden (1.0.4)
      rack (>= 1.0)
    weakling (0.0.4-java)
    xpath (0.1.4)
      nokogiri (~> 1.3)

PLATFORMS
  java
  ruby

DEPENDENCIES
  activerecord-jdbc-adapter
  ae_users_migrator (>= 1.0.4)
  cancan
  capybara
  castronaut!
  coffee-script
  cucumber
  cucumber-rails
  database_cleaner
  devise (~> 1.3.0)
  devise_cas_authenticatable (>= 1.0.0.alpha8)
  factory_girl_rails
  heroku_external_db
  hoptoad_notifier
  illyan_client (>= 1.0.2)
  jquery-rails
  json
  launchy
  mysql
  nokogiri (>= 1.4.1)
  radius
  rails (= 3.1.0.rc1)
  rake (~> 0.8.7)
  ruby-graphviz (>= 0.9.2)
  rubyzip
  sanitize (~> 2.0.2)
  sass
  sham_rack
  shoulda
  thin
  uglifier
  version_fu (~> 1.0.1)
