GIT
  remote: https://github.com/thoughtbot/akephalos.git
  revision: b2f056db59844209dac4c77ca386e7ef36f8f560
  specs:
    akephalos (0.2.4)
      capybara (~> 0.3.8)
      jruby-jars

GEM
  remote: http://rubygems.org/
  specs:
    actionmailer (2.3.5)
      actionpack (= 2.3.5)
    actionpack (2.3.5)
      activesupport (= 2.3.5)
      rack (~> 1.0.0)
    activerecord (2.3.5)
      activesupport (= 2.3.5)
    activeresource (2.3.5)
      activesupport (= 2.3.5)
    activesupport (2.3.5)
    acts_as_singleton (0.0.5)
      activerecord
    builder (2.1.2)
    bullet (2.0.1)
      uniform_notifier (~> 1.0.0)
    capybara (0.3.9)
      culerity (>= 0.2.4)
      mime-types (>= 1.16)
      nokogiri (>= 1.3.3)
      rack (>= 1.0.0)
      rack-test (>= 0.5.4)
      selenium-webdriver (>= 0.0.3)
    childprocess (0.1.4)
      ffi (~> 0.6.3)
    cucumber (0.9.4)
      builder (~> 2.1.2)
      diff-lcs (~> 1.1.2)
      gherkin (~> 2.2.9)
      json (~> 1.4.6)
      term-ansicolor (~> 1.0.5)
    cucumber-rails (0.3.2)
      cucumber (>= 0.8.0)
    culerity (0.2.12)
    database_cleaner (0.6.0)
    diff-lcs (1.1.2)
    factory_girl (1.2.4)
    ffi (0.6.3)
      rake (>= 0.8.7)
    gherkin (2.2.9)
      json (~> 1.4.6)
      term-ansicolor (~> 1.0.5)
    jrails (0.6.0)
    jruby-jars (1.5.6)
    json (1.4.6)
    json_pure (1.4.6)
    mime-types (1.16)
    mysql (2.8.1)
    nbudin-version_fu (1.0.0)
    nokogiri (1.4.4)
    rack (1.0.1)
    rack-test (0.5.6)
      rack (>= 1.0)
    radius (0.6.1)
    rails (2.3.5)
      actionmailer (= 2.3.5)
      actionpack (= 2.3.5)
      activerecord (= 2.3.5)
      activeresource (= 2.3.5)
      activesupport (= 2.3.5)
      rake (>= 0.8.3)
    rake (0.8.7)
    ruby-graphviz (0.9.20)
    ruby-openid (2.1.8)
    rubyzip (0.9.4)
    sanitize (1.2.1)
      nokogiri (~> 1.4.1)
    selenium-webdriver (0.1.1)
      childprocess (= 0.1.4)
      ffi (~> 0.6.3)
      json_pure
      rubyzip
    shoulda (2.11.3)
    term-ansicolor (1.0.5)
    uniform_notifier (1.0.0)

PLATFORMS
  ruby

DEPENDENCIES
  acts_as_singleton
  akephalos!
  bullet
  capybara
  cucumber
  cucumber-rails
  database_cleaner
  factory_girl (~> 1.2.3)
  jrails
  mysql
  nbudin-version_fu
  nokogiri (>= 1.4.1)
  radius
  rails (= 2.3.5)
  ruby-graphviz (>= 0.9.2)
  ruby-openid (~> 2.1.4)
  rubyzip
  sanitize
  shoulda
