PATH
  remote: /Users/nbudin/code/devise_cas_authenticatable
  specs:
    devise_cas_authenticatable (1.0.0.alpha4)
      devise (>= 1.0.6)
      rubycas-client (~> 2.1.0)

GEM
  remote: http://rubygems.org/
  specs:
    actionmailer (2.3.5)
      actionpack (= 2.3.5)
    actionpack (2.3.5)
      activesupport (= 2.3.5)
      rack (~> 1.0.0)
    activerecord (2.3.5)
      activesupport (= 2.3.5)
    activerecord-jdbc-adapter (1.0.3-java)
    activeresource (2.3.5)
      activesupport (= 2.3.5)
    activesupport (2.3.5)
    acts_as_singleton (0.0.5)
      activerecord
    ae_users_legacy (0.6.3)
      ruby-openid (>= 2.0.4)
    ae_users_migrator (1.0.4)
      activerecord (>= 2.3)
    builder (2.1.2)
    bullet (1.7.6)
    cancan (1.3.3)
    capybara (0.4.1.2)
      celerity (>= 0.7.9)
      culerity (>= 0.2.4)
      mime-types (>= 1.16)
      nokogiri (>= 1.3.3)
      rack (>= 1.0.0)
      rack-test (>= 0.5.4)
      selenium-webdriver (>= 0.0.27)
      xpath (~> 0.1.3)
    celerity (0.8.8)
    childprocess (0.1.7)
      ffi (~> 0.6.3)
    configuration (1.2.0)
    cucumber (0.8.5)
      builder (~> 2.1.2)
      diff-lcs (~> 1.1.2)
      gherkin (~> 2.1.4)
      json_pure (~> 1.4.3)
      term-ansicolor (~> 1.0.4)
    cucumber-rails (0.3.2)
      cucumber (>= 0.8.0)
    culerity (0.2.15)
    daemons (1.1.0)
    database_cleaner (0.5.2)
    devise (1.0.8)
      warden (~> 0.10.3)
    diff-lcs (1.1.2)
    eventmachine (0.12.10)
    factory_girl (1.2.4)
    ffi (0.6.3)
      rake (>= 0.8.7)
    gherkin (2.1.5)
      trollop (~> 1.16.2)
    gherkin (2.2.9-java)
      json (~> 1.4.6)
      term-ansicolor (~> 1.0.5)
    heroku_external_db (1.0.0)
    jrails (0.6.0)
    json (1.4.6-java)
    json_pure (1.4.6)
    launchy (0.3.7)
      configuration (>= 0.0.5)
      rake (>= 0.8.1)
    mime-types (1.16)
    mysql (2.8.1)
    nbudin-version_fu (1.0.0)
    nokogiri (1.4.4)
    nokogiri (1.4.4-java)
      weakling (>= 0.0.3)
    rack (1.0.1)
    rack-test (0.5.4)
    radius (0.6.1)
    rails (2.3.5)
      actionmailer (= 2.3.5)
      actionpack (= 2.3.5)
      activerecord (= 2.3.5)
      activeresource (= 2.3.5)
      activesupport (= 2.3.5)
      rake (>= 0.8.3)
    rake (0.8.7)
    ruby-graphviz (0.9.17)
    ruby-openid (2.1.8)
    rubycas-client (2.1.0)
      activesupport
    rubyzip (0.9.4)
    sanitize (1.2.1)
      nokogiri (~> 1.4.1)
    selenium-webdriver (0.1.3)
      childprocess (~> 0.1.5)
      ffi (~> 0.6.3)
      json_pure
      rubyzip
    shoulda (2.11.3)
    term-ansicolor (1.0.5)
    thin (1.2.8)
      daemons (>= 1.0.9)
      eventmachine (>= 0.12.6)
      rack (>= 1.0.0)
    trollop (1.16.2)
    warden (0.10.7)
      rack (>= 1.0.0)
    xpath (0.1.3)
      nokogiri (~> 1.3)

PLATFORMS
  java
  ruby

DEPENDENCIES
  activerecord-jdbc-adapter
  acts_as_singleton
  ae_users_legacy
  ae_users_migrator (>= 1.0.4)
  bullet
  cancan
  capybara
  cucumber
  cucumber-rails
  database_cleaner
  devise (~> 1.0.8)
  devise_cas_authenticatable!
  factory_girl (~> 1.2.3)
  heroku_external_db
  jrails
  launchy
  mysql
  nbudin-version_fu
  nokogiri (>= 1.4.1)
  radius
  rails (= 2.3.5)
  ruby-graphviz (>= 0.9.2)
  ruby-openid (~> 2.1.4)
  rubyzip
  sanitize
  shoulda
  thin
