GEM
  remote: http://rubygems.org/
  specs:
    actionmailer (3.2.16)
      actionpack (= 3.2.16)
      mail (~> 2.5.4)
    actionpack (3.2.16)
      activemodel (= 3.2.16)
      activesupport (= 3.2.16)
      builder (~> 3.0.0)
      erubis (~> 2.7.0)
      journey (~> 1.0.4)
      rack (~> 1.4.5)
      rack-cache (~> 1.2)
      rack-test (~> 0.6.1)
      sprockets (~> 2.2.1)
    activemodel (3.2.16)
      activesupport (= 3.2.16)
      builder (~> 3.0.0)
    activerecord (3.2.16)
      activemodel (= 3.2.16)
      activesupport (= 3.2.16)
      arel (~> 3.0.2)
      tzinfo (~> 0.3.29)
    activerecord-jdbc-adapter (1.3.1)
      activerecord (>= 2.2)
    activerecord-jdbcmysql-adapter (1.3.1)
      activerecord-jdbc-adapter (~> 1.3.1)
      jdbc-mysql (>= 5.1.22)
    activerecord-jdbcsqlite3-adapter (1.3.1)
      activerecord-jdbc-adapter (~> 1.3.1)
      jdbc-sqlite3 (~> 3.7.2)
    activeresource (3.2.16)
      activemodel (= 3.2.16)
      activesupport (= 3.2.16)
    activesupport (3.2.16)
      i18n (~> 0.6, >= 0.6.4)
      multi_json (~> 1.0)
    acts_as_list (0.3.0)
      activerecord (>= 3.0)
    addressable (2.3.5)
    ae_users_migrator (1.0.5)
      activerecord (>= 2.3)
    airbrake (3.1.14)
      builder
      json
    arel (3.0.3)
    asset_sync (1.0.0)
      activemodel
      fog (>= 1.8.0)
    bcrypt-ruby (3.1.2)
    bcrypt-ruby (3.1.2-java)
    bourne (1.5.0)
      mocha (>= 0.13.2, < 0.15)
    builder (3.0.4)
    cancan (1.6.10)
    capybara (2.1.0)
      mime-types (>= 1.16)
      nokogiri (>= 1.3.3)
      rack (>= 1.0.0)
      rack-test (>= 0.5.4)
      xpath (~> 2.0)
    cliver (0.2.2)
    coderay (1.0.9)
    coffee-rails (3.2.2)
      coffee-script (>= 2.2.0)
      railties (~> 3.2.0)
    coffee-script (2.2.0)
      coffee-script-source
      execjs
    coffee-script-source (1.6.3)
    database_cleaner (1.0.1)
    devise (2.0.6)
      bcrypt-ruby (~> 3.0)
      orm_adapter (~> 0.0.3)
      railties (~> 3.1)
      warden (~> 1.1.1)
    devise_cas_authenticatable (1.3.2)
      devise (>= 1.2.0)
      rubycas-client (>= 2.2.1)
    erubis (2.7.0)
    excon (0.25.3)
    execjs (2.0.1)
    factory_girl (4.2.0)
      activesupport (>= 3.0.0)
    factory_girl_rails (4.2.1)
      factory_girl (~> 4.2.0)
      railties (>= 3.0.0)
    farbtastic-rails (1.3.0)
    ffi (1.9.0)
    ffi (1.9.0-java)
    fog (1.15.0)
      builder
      excon (~> 0.25.0)
      formatador (~> 0.2.0)
      mime-types
      multi_json (~> 1.0)
      net-scp (~> 1.1)
      net-ssh (>= 2.1.3)
      nokogiri (~> 1.5)
      ruby-hmac
    formatador (0.2.4)
    heroku_external_db (1.0.3)
    hike (1.2.3)
    i18n (0.6.8)
    illyan_client (1.0.2)
      activeresource
    jdbc-mysql (5.1.28)
    jdbc-sqlite3 (3.7.2.1)
    journey (1.0.4)
    jquery-rails (3.0.4)
      railties (>= 3.0, < 5.0)
      thor (>= 0.14, < 2.0)
    jquery-ui-rails (4.0.5)
      railties (>= 3.1.0)
    json (1.8.1)
    json (1.8.1-java)
    launchy (2.3.0)
      addressable (~> 2.3)
    mail (2.5.4)
      mime-types (~> 1.16)
      treetop (~> 1.4.8)
    metaclass (0.0.1)
    method_source (0.8.2)
    mime-types (1.25.1)
    mini_portile (0.5.1)
    mocha (0.14.0)
      metaclass (~> 0.0.1)
    multi_json (1.8.2)
    mysql2 (0.3.13)
    net-scp (1.1.2)
      net-ssh (>= 2.6.5)
    net-ssh (2.7.0)
    nokogiri (1.6.0)
      mini_portile (~> 0.5.0)
    nokogiri (1.6.0-java)
      mini_portile (~> 0.5.0)
    orm_adapter (0.0.7)
    poltergeist (1.4.1)
      capybara (~> 2.1.0)
      cliver (~> 0.2.1)
      multi_json (~> 1.0)
      websocket-driver (>= 0.2.0)
    polyglot (0.3.3)
    pry (0.9.12.2)
      coderay (~> 1.0.5)
      method_source (~> 0.8)
      slop (~> 3.4)
    pry (0.9.12.2-java)
      coderay (~> 1.0.5)
      method_source (~> 0.8)
      slop (~> 3.4)
      spoon (~> 0.0)
    pry-rails (0.3.2)
      pry (>= 0.9.10)
    puma (2.6.0)
      rack (>= 1.1, < 2.0)
    puma (2.6.0-java)
      rack (>= 1.1, < 2.0)
    rack (1.4.5)
    rack-cache (1.2)
      rack (>= 0.4)
    rack-ssl (1.3.3)
      rack
    rack-test (0.6.2)
      rack (>= 1.0)
    radius (0.7.4)
    rails (3.2.16)
      actionmailer (= 3.2.16)
      actionpack (= 3.2.16)
      activerecord (= 3.2.16)
      activeresource (= 3.2.16)
      activesupport (= 3.2.16)
      bundler (~> 1.0)
      railties (= 3.2.16)
    rails_12factor (0.0.2)
      rails_serve_static_assets
      rails_stdout_logging
    rails_serve_static_assets (0.0.1)
    rails_stdout_logging (0.0.2)
    railties (3.2.16)
      actionpack (= 3.2.16)
      activesupport (= 3.2.16)
      rack-ssl (~> 1.3.2)
      rake (>= 0.8.7)
      rdoc (~> 3.4)
      thor (>= 0.14.6, < 2.0)
    rake (10.1.0)
    rdoc (3.12.2)
      json (~> 1.4)
    ruby-graphviz (1.0.9)
    ruby-hmac (0.4.0)
    rubycas-client (2.3.9)
      activesupport
    rubyzip (1.0.0)
    sanitize (2.0.6)
      nokogiri (>= 1.4.4)
    sass (3.2.10)
    sass-rails (3.2.6)
      railties (~> 3.2.0)
      sass (>= 3.1.10)
      tilt (~> 1.3)
    shoulda (3.2.0)
      shoulda-context (~> 1.0)
      shoulda-matchers (~> 1.3)
    shoulda-context (1.1.5)
    shoulda-matchers (1.5.6)
      activesupport (>= 3.0.0)
      bourne (~> 1.3)
    slop (3.4.6)
    spoon (0.0.4)
      ffi
    sprockets (2.2.2)
      hike (~> 1.2)
      multi_json (~> 1.0)
      rack (~> 1.0)
      tilt (~> 1.1, != 1.3.0)
    sqlite3 (1.3.8)
    thor (0.18.1)
    tilt (1.4.1)
    treetop (1.4.15)
      polyglot
      polyglot (>= 0.3.1)
    tzinfo (0.3.38)
    uglifier (2.2.1)
      execjs (>= 0.3.0)
      multi_json (~> 1.0, >= 1.0.2)
    version_fu (1.0.2)
    warden (1.1.1)
      rack (>= 1.0)
    websocket-driver (0.3.0)
    websocket-driver (0.3.0-java)
    xpath (2.0.0)
      nokogiri (~> 1.3)

PLATFORMS
  java
  ruby

DEPENDENCIES
  activerecord-jdbc-adapter
  activerecord-jdbcmysql-adapter
  activerecord-jdbcsqlite3-adapter
  acts_as_list
  ae_users_migrator (>= 1.0.4)
  airbrake
  asset_sync
  cancan
  capybara
  coffee-rails (~> 3.2.1)
  database_cleaner (~> 1.0.0)
  devise (~> 2.0.5)
  devise_cas_authenticatable
  factory_girl_rails
  farbtastic-rails
  heroku_external_db
  illyan_client (>= 1.0.2)
  jquery-rails (>= 1.0.12)
  jquery-ui-rails
  launchy
  mysql2
  nokogiri (>= 1.4.1)
  poltergeist
  pry-rails
  puma
  radius
  rails (= 3.2.16)
  rails_12factor
  ruby-graphviz (>= 0.9.2)
  rubyzip (>= 1.0.0)
  sanitize (~> 2.0.2)
  sass-rails (~> 3.2.3)
  shoulda (~> 3.2.0)
  sqlite3
  uglifier (>= 1.0.3)
  version_fu (~> 1.0.1)
